ObjectType = Image
NDims = 3
BinaryData = True
BinaryDataByteOrderMSB = False
CompressedData = True
CompressedDataSize = 500317
TransformMatrix = 1 0 0 0 1 0 0 0 1
Offset = 0 0 0
CenterOfRotation = 0 0 0
AnatomicalOrientation = RAI
ElementSpacing = 0.44799051125271838 0.44799051125271838 1
DimSize = 640 640 1
ElementType = MET_USHORT
ElementDataFile = input_image.zraw
