ObjectType = Image
NDims = 3
BinaryData = True
BinaryDataByteOrderMSB = False
CompressedData = True
CompressedDataSize = 1565111
TransformMatrix = 1 0 0 0 1 0 0 0 1
Offset = 0 0 0
CenterOfRotation = 0 0 0
AnatomicalOrientation = RAI
ElementSpacing = 0.25866506021171387 0.25866506021171387 1
DimSize = 1024 768 1
ElementType = MET_UINT
ElementDataFile = input_image.zraw
