ObjectType = Image
NDims = 3
BinaryData = True
BinaryDataByteOrderMSB = False
CompressedData = True
CompressedDataSize = 1445
TransformMatrix = 1 0 0 0 1 0 0 0 1
Offset = 0 0 0
CenterOfRotation = 0 0 0
AnatomicalOrientation = RAI
ElementSpacing = 0.25866680524713609 0.25866680524713609 1
DimSize = 1024 768 1
ElementType = MET_UCHAR
ElementDataFile = Layer 2.zraw
