ObjectType = Image
NDims = 3
BinaryData = True
BinaryDataByteOrderMSB = False
CompressedData = True
CompressedDataSize = 953
TransformMatrix = 1 0 0 0 1 0 0 0 1
Offset = 0 0 0
CenterOfRotation = 0 0 0
AnatomicalOrientation = RAI
ElementSpacing = 0.2586682532357682 0.2586682532357682 1
DimSize = 1024 768 1
ElementType = MET_UCHAR
ElementDataFile = Layer 3.zraw
