ObjectType = Image
NDims = 3
BinaryData = True
BinaryDataByteOrderMSB = False
CompressedData = True
CompressedDataSize = 960
TransformMatrix = 1 0 0 0 1 0 0 0 1
Offset = 0 0 0
CenterOfRotation = 0 0 0
AnatomicalOrientation = RAI
ElementSpacing = 0.25866726113748156 0.25866726113748156 1
DimSize = 1024 768 1
ElementType = MET_UCHAR
ElementDataFile = Layer 4.zraw
